GEM
  remote: https://rubygems.org/
  specs:
    highline (1.6.21)
    options (2.3.2)
    progress_bar (1.0.3)
      highline (~> 1.6.1)
      options (~> 2.3.0)
    require_all (1.3.2)
    sqlite3 (1.3.10)

PLATFORMS
  ruby

DEPENDENCIES
  progress_bar
  require_all
  sqlite3
