GEM
  remote: https://rubygems.org/
  specs:
    base64 (0.2.0)
    bigdecimal (3.1.8)
    diff-lcs (1.5.1)
    google-protobuf (4.29.1)
      bigdecimal
      rake (>= 13)
    google-protobuf (4.29.1-arm64-darwin)
      bigdecimal
      rake (>= 13)
    highline (3.1.1)
      reline
    io-console (0.8.0)
    jwt (2.9.3)
      base64
    logger (1.6.2)
    multi_json (1.15.0)
    mustermann (3.0.3)
      ruby2_keywords (~> 0.0.1)
    nio4r (2.7.4)
    options (2.3.2)
    pastel (0.8.0)
      tty-color (~> 0.5)
    pg (1.5.9)
    progress_bar (1.3.4)
      highline (>= 1.6)
      options (~> 2.3.0)
    puma (6.5.0)
      nio4r (~> 2.0)
    rack (3.1.16)
    rack-protection (4.1.1)
      base64 (>= 0.1.0)
      logger (>= 1.6.0)
      rack (>= 3.0.0, < 4)
    rack-session (2.1.1)
      base64 (>= 0.1.0)
      rack (>= 3.0.0)
    rack-test (2.1.0)
      rack (>= 1.3)
    rackup (2.2.1)
      rack (>= 3)
    rake (13.2.1)
    reline (0.5.12)
      io-console (~> 0.5)
    require_all (3.0.0)
    rspec (3.13.0)
      rspec-core (~> 3.13.0)
      rspec-expectations (~> 3.13.0)
      rspec-mocks (~> 3.13.0)
    rspec-core (3.13.2)
      rspec-support (~> 3.13.0)
    rspec-expectations (3.13.3)
      diff-lcs (>= 1.2.0, < 2.0)
      rspec-support (~> 3.13.0)
    rspec-mocks (3.13.2)
      diff-lcs (>= 1.2.0, < 2.0)
      rspec-support (~> 3.13.0)
    rspec-support (3.13.2)
    ruby2_keywords (0.0.5)
    sinatra (4.1.1)
      logger (>= 1.6.0)
      mustermann (~> 3.0)
      rack (>= 3.0.0, < 4)
      rack-protection (= 4.1.1)
      rack-session (>= 2.0.0, < 3)
      tilt (~> 2.0)
    sinatra-contrib (4.1.1)
      multi_json (>= 0.0.2)
      mustermann (~> 3.0)
      rack-protection (= 4.1.1)
      sinatra (= 4.1.1)
      tilt (~> 2.0)
    tilt (2.4.0)
    tty-color (0.6.0)
    tty-command (0.10.1)
      pastel (~> 0.8)

PLATFORMS
  arm64-darwin-23
  ruby

DEPENDENCIES
  google-protobuf
  jwt
  pg
  progress_bar
  puma
  rack-test
  rackup
  rake
  require_all
  rspec
  sinatra
  sinatra-contrib
  tty-command

BUNDLED WITH
   2.5.11
